PATH
  remote: .
  specs:
    i18n-active_record (0.4.1)
      i18n (>= 0.5.0)

GEM
  remote: https://rubygems.org/
  specs:
    activemodel (6.1.3.2)
      activesupport (= 6.1.3.2)
    activerecord (6.1.3.2)
      activemodel (= 6.1.3.2)
      activesupport (= 6.1.3.2)
    activesupport (6.1.3.2)
      concurrent-ruby (~> 1.0, >= 1.0.2)
      i18n (>= 1.6, < 2)
      minitest (>= 5.1)
      tzinfo (~> 2.0)
      zeitwerk (~> 2.3)
    concurrent-ruby (1.1.8)
    i18n (1.8.10)
      concurrent-ruby (~> 1.0)
    minitest (5.14.4)
    mocha (1.13.0)
    mysql2 (0.5.3)
    pg (1.2.3)
    rake (13.0.1)
    sqlite3 (1.4.2)
    test_declarative (0.0.5)
    tzinfo (2.0.4)
      concurrent-ruby (~> 1.0)
    zeitwerk (2.4.2)

PLATFORMS
  ruby

DEPENDENCIES
  activerecord
  bundler
  i18n-active_record!
  minitest
  mocha
  mysql2
  pg
  rake
  sqlite3
  test_declarative

BUNDLED WITH
   2.2.29
